GEM
  remote: https://rubygems.org/
  specs:
    actionpack (3.2.13)
      activemodel (= 3.2.13)
      activesupport (= 3.2.13)
      builder (~> 3.0.0)
      erubis (~> 2.7.0)
      journey (~> 1.0.4)
      rack (~> 1.4.5)
      rack-cache (~> 1.2)
      rack-test (~> 0.6.1)
      sprockets (~> 2.2.1)
    activemodel (3.2.13)
      activesupport (= 3.2.13)
      builder (~> 3.0.0)
    activerecord (3.2.13)
      activemodel (= 3.2.13)
      activesupport (= 3.2.13)
      arel (~> 3.0.2)
      tzinfo (~> 0.3.29)
    activerecord-mysql2-adapter (0.0.3)
      mysql2
    activesupport (3.2.13)
      i18n (= 0.6.1)
      multi_json (~> 1.0)
    arel (3.0.2)
    awesome_print (1.1.0)
    backports (3.3.2)
    builder (3.0.4)
    chunky_png (1.2.8)
    columnize (0.3.6)
    compass (0.12.2)
      chunky_png (~> 1.2)
      fssm (>= 0.2.7)
      sass (~> 3.1)
    dalli (2.6.4)
    debugger (1.6.0)
      columnize (>= 0.3.1)
      debugger-linecache (~> 1.2.0)
      debugger-ruby_core_source (~> 1.2.1)
    debugger-linecache (1.2.0)
    debugger-ruby_core_source (1.2.2)
    diff-lcs (1.2.4)
    erubis (2.7.0)
    eventmachine (1.0.3)
    fssm (0.2.10)
    hike (1.2.3)
    httparty (0.11.0)
      multi_json (~> 1.0)
      multi_xml (>= 0.5.2)
    hypertemplate (1.2.2)
      json_pure
      nokogiri
    i18n (0.6.1)
    journey (1.0.4)
    json_pure (1.8.0)
    kgio (2.8.0)
    medie (1.0.0)
      actionpack (>= 3.0.0)
      activesupport
      json_pure
      methodize
    memcachier (0.0.2)
    methodize (0.2.2)
    mini_portile (0.5.0)
    multi_json (1.7.7)
    multi_xml (0.5.4)
    mysql2 (0.3.11)
    nokogiri (1.6.0)
      mini_portile (~> 0.5.0)
    pg (0.15.1)
    rack (1.4.5)
    rack-cache (1.2)
      rack (>= 0.4)
    rack-conneg (0.1.5)
      rack (>= 1.0)
    rack-protection (1.5.0)
      rack
    rack-test (0.6.2)
      rack (>= 1.0)
    raindrops (0.11.0)
    respondie (0.9.0)
    restfulie (1.1.1)
      hypertemplate (~> 1.2.2)
      json_pure (>= 1.2.4)
      medie (~> 1.0.0)
      nokogiri (>= 1.4.2)
      rack-conneg
      respondie (~> 0.9.0)
    rspec (2.13.0)
      rspec-core (~> 2.13.0)
      rspec-expectations (~> 2.13.0)
      rspec-mocks (~> 2.13.0)
    rspec-core (2.13.1)
    rspec-expectations (2.13.0)
      diff-lcs (>= 1.1.3, < 2.0)
    rspec-mocks (2.13.1)
    sass (3.2.9)
    sinatra (1.3.2)
      rack (~> 1.3, >= 1.3.6)
      rack-protection (~> 1.2)
      tilt (~> 1.3, >= 1.3.3)
    sinatra-activerecord (1.1.1)
      activerecord (~> 3.0)
      sinatra (~> 1.0)
    sinatra-contrib (1.3.1)
      backports (>= 2.0)
      eventmachine
      rack-protection
      rack-test
      sinatra (~> 1.3.0)
      tilt (~> 1.3)
    sprockets (2.2.2)
      hike (~> 1.2)
      multi_json (~> 1.0)
      rack (~> 1.0)
      tilt (~> 1.1, != 1.3.0)
    tilt (1.4.1)
    tzinfo (0.3.37)
    unicorn (4.6.2)
      kgio (~> 2.6)
      rack
      raindrops (~> 0.7)

PLATFORMS
  ruby

DEPENDENCIES
  activerecord
  activerecord-mysql2-adapter
  awesome_print
  compass
  dalli
  debugger
  httparty
  memcachier
  mysql2
  pg
  rack-cache
  restfulie (>= 1.1.1)
  rspec
  sass
  sinatra (= 1.3.2)
  sinatra-activerecord (= 1.1.1)
  sinatra-contrib (= 1.3.1)
  unicorn
